PATH
  remote: .
  specs:
    open_id_authentication2 (2.0.0)
      rack-openid2 (~> 2.0, >= 2.0.1)
      version_gem (~> 1.1, >= 1.1.4)

GEM
  remote: https://rubygems.org/
  specs:
    diff-lcs (1.5.1)
    rack (3.1.7)
    rack-openid2 (2.0.1)
      rack (>= 2.2)
      ruby-openid2 (>= 3.0)
      version_gem (~> 1.1, >= 1.1.4)
    rake (13.2.1)
    rspec (3.13.0)
      rspec-core (~> 3.13.0)
      rspec-expectations (~> 3.13.0)
      rspec-mocks (~> 3.13.0)
    rspec-block_is_expected (1.0.6)
    rspec-core (3.13.1)
      rspec-support (~> 3.13.0)
    rspec-expectations (3.13.2)
      diff-lcs (>= 1.2.0, < 2.0)
      rspec-support (~> 3.13.0)
    rspec-mocks (3.13.1)
      diff-lcs (>= 1.2.0, < 2.0)
      rspec-support (~> 3.13.0)
    rspec-support (3.13.1)
    ruby-openid2 (3.0.0)
      version_gem (~> 1.1, >= 1.1.4)
    version_gem (1.1.4)

PLATFORMS
  ruby

DEPENDENCIES
  open_id_authentication2!
  rake (>= 13)
  rspec (>= 3)
  rspec-block_is_expected (~> 1.0, >= 1.0.5)

BUNDLED WITH
   2.4.22
