PATH
  remote: .
  specs:
    open_id_authentication2 (1.3.0)
      rack-openid2 (~> 2.0, >= 2.0.1)

GEM
  remote: https://rubygems.org/
  specs:
    bump (0.10.0)
    diff-lcs (1.5.1)
    rack (3.1.7)
    rack-openid2 (2.0.1)
      rack (>= 2.2)
      ruby-openid2 (>= 3.0)
      version_gem (~> 1.1, >= 1.1.4)
    rake (13.2.1)
    rspec (2.99.0)
      rspec-core (~> 2.99.0)
      rspec-expectations (~> 2.99.0)
      rspec-mocks (~> 2.99.0)
    rspec-core (2.99.2)
    rspec-expectations (2.99.2)
      diff-lcs (>= 1.1.3, < 2.0)
    rspec-mocks (2.99.4)
    ruby-openid2 (3.0.0)
      version_gem (~> 1.1, >= 1.1.4)
    version_gem (1.1.4)

PLATFORMS
  ruby

DEPENDENCIES
  bump
  open_id_authentication2!
  rake
  rspec (~> 2)

BUNDLED WITH
   2.4.22
