PATH
  remote: .
  specs:
    open_id_authentication (1.1.0)
      rack-openid (~> 1.3)

GEM
  remote: https://rubygems.org/
  specs:
    bump (0.4.2)
    diff-lcs (1.2.4)
    rack (1.5.2)
    rack-openid (1.3.1)
      rack (>= 1.1.0)
      ruby-openid (>= 2.1.8)
    rake (10.1.0)
    rspec (2.14.1)
      rspec-core (~> 2.14.0)
      rspec-expectations (~> 2.14.0)
      rspec-mocks (~> 2.14.0)
    rspec-core (2.14.5)
    rspec-expectations (2.14.2)
      diff-lcs (>= 1.1.3, < 2.0)
    rspec-mocks (2.14.3)
    ruby-openid (2.3.0)

PLATFORMS
  ruby

DEPENDENCIES
  bump
  open_id_authentication!
  rake
  rspec (~> 2)
